GEM
  remote: http://rubygems.org/
  specs:
    activesupport (3.2.15)
      i18n (~> 0.6, >= 0.6.4)
      multi_json (~> 1.0)
    addressable (2.3.5)
    choice (0.1.6)
    crack (0.1.8)
    faraday (0.8.8)
      multipart-post (~> 1.2.0)
    git (1.2.6)
    httmultiparty (0.3.10)
      httparty (>= 0.7.3)
      multipart-post
    httparty (0.7.4)
      crack (= 0.1.8)
    i18n (0.6.5)
    json (1.7.7)
    launchy (2.2.0)
      addressable (~> 2.3)
    lolcommits (0.5.0)
      activesupport (~> 3.2.12)
      choice (~> 0.1.6)
      git (~> 1.2.5)
      httmultiparty
      json (~> 1.7.6)
      launchy (~> 2.2.0)
      methadone (~> 1.2.4)
      mini_magick (~> 3.5)
      oauth
      open4 (~> 1.3.0)
      rest-client
      twitter
    methadone (1.2.6)
      bundler
    mime-types (2.0)
    mini_magick (3.6.0)
      subexec (~> 0.2.1)
    multi_json (1.8.2)
    multipart-post (1.2.0)
    oauth (0.4.7)
    open4 (1.3.0)
    rest-client (1.6.7)
      mime-types (>= 1.16)
    simple_oauth (0.2.0)
    subexec (0.2.3)
    twitter (4.8.1)
      faraday (~> 0.8, < 0.10)
      multi_json (~> 1.0)
      simple_oauth (~> 0.2)

PLATFORMS
  ruby

DEPENDENCIES
  httparty (= 0.7.4)
  lolcommits
