GEM
  remote: http://rubygems.org/
  specs:
    columnize (0.3.6)
    diff-lcs (1.2.5)
    linecache (0.46)
      rbx-require-relative (> 0.0.4)
    rbx-require-relative (0.0.9)
    rspec (2.14.1)
      rspec-core (~> 2.14.0)
      rspec-expectations (~> 2.14.0)
      rspec-mocks (~> 2.14.0)
    rspec-core (2.14.7)
    rspec-expectations (2.14.4)
      diff-lcs (>= 1.1.3, < 2.0)
    rspec-mocks (2.14.4)
    ruby-debug (0.10.4)
      columnize (>= 0.1)
      ruby-debug-base (~> 0.10.4.0)
    ruby-debug-base (0.10.4)
      linecache (>= 0.3)
    vimrunner (0.3.0)

PLATFORMS
  ruby

DEPENDENCIES
  rspec
  ruby-debug
  vimrunner
